PATH
  remote: .
  specs:
    k_sequencing (0.1.24)
      faraday (~> 0.13.1, >= 0.13.1)
      faraday_middleware (~> 0.12.2, >= 0.12.2)
      json (~> 1.8, >= 1.8.3)

GEM
  remote: https://rubygems.org/
  specs:
    addressable (2.5.2)
      public_suffix (>= 2.0.2, < 4.0)
    crack (0.4.3)
      safe_yaml (~> 1.0.0)
    faraday (0.13.1)
      multipart-post (>= 1.2, < 3)
    faraday_middleware (0.12.2)
      faraday (>= 0.7.4, < 1.0)
    hashdiff (0.3.7)
    json (1.8.6)
    minitest (5.11.3)
    multipart-post (2.0.0)
    public_suffix (3.0.1)
    rake (12.3.0)
    safe_yaml (1.0.4)
    webmock (3.3.0)
      addressable (>= 2.3.6)
      crack (>= 0.3.2)
      hashdiff

PLATFORMS
  ruby

DEPENDENCIES
  k_sequencing!
  minitest (~> 5.11)
  rake (~> 12.3)
  webmock (~> 3.3)

BUNDLED WITH
   1.16.1
