PATH
  remote: .
  specs:
    k_sequencing (0.1.24)
      faraday (~> 0.13.1, >= 0.13.1)
      faraday_middleware (~> 0.12.2, >= 0.12.2)
      json (~> 1.8, >= 1.8.3)

GEM
  remote: https://rubygems.org/
  specs:
    faraday (0.13.1)
      multipart-post (>= 1.2, < 3)
    faraday_middleware (0.12.2)
      faraday (>= 0.7.4, < 1.0)
    json (1.8.6)
    minitest (5.11.3)
    multipart-post (2.0.0)

PLATFORMS
  ruby

DEPENDENCIES
  k_sequencing!
  minitest (~> 5.11)

BUNDLED WITH
   1.16.1
