PATH
  remote: .
  specs:
    k_sequencing (0.1.9)
      activesupport (~> 4.1, >= 4.1)
      faraday (~> 0.9, >= 0.9.2)
      faraday_middleware (~> 0.10.0, >= 0.10.0)
      faraday_middleware-active_support_json (~> 0.0.3, >= 0.0.3)
      json (~> 1.8, >= 1.8.3)

GEM
  remote: https://rubygems.org/
  specs:
    activesupport (4.2.10)
      i18n (~> 0.7)
      minitest (~> 5.1)
      thread_safe (~> 0.3, >= 0.3.4)
      tzinfo (~> 1.1)
    concurrent-ruby (1.0.5)
    faraday (0.13.1)
      multipart-post (>= 1.2, < 3)
    faraday_middleware (0.10.1)
      faraday (>= 0.7.4, < 1.0)
    faraday_middleware-active_support_json (0.0.3)
      activesupport (> 3, < 5)
      faraday_middleware
    i18n (0.9.0)
      concurrent-ruby (~> 1.0)
    json (1.8.6)
    minitest (5.10.2)
    multipart-post (2.0.0)
    thread_safe (0.3.6)
    tzinfo (1.2.3)
      thread_safe (~> 0.1)

PLATFORMS
  ruby

DEPENDENCIES
  k_sequencing!
  minitest (~> 5.10)

BUNDLED WITH
   1.15.3
